GEM
  remote: http://rubygems.org/
  specs:
    ZenTest (4.4.2)
    autotest (4.4.6)
      ZenTest (>= 4.4.1)
    awesome_print (0.3.1)
    diff-lcs (1.1.2)
    hirb (0.3.6)
    json (1.5.5)
    rspec (2.4.0)
      rspec-core (~> 2.4.0)
      rspec-expectations (~> 2.4.0)
      rspec-mocks (~> 2.4.0)
    rspec-core (2.4.0)
    rspec-expectations (2.4.0)
      diff-lcs (~> 1.1.2)
    rspec-mocks (2.4.0)
    wirble (0.1.3)
    youtube-g (0.5.0)

PLATFORMS
  ruby

DEPENDENCIES
  autotest (= 4.4.6)
  awesome_print
  hirb
  json (= 1.5.5)
  rspec (= 2.4.0)
  wirble
  youtube-g (= 0.5.0)
